PATH
  remote: .
  specs:
    sellsy (0.1.0)

GEM
  remote: https://rubygems.org/
  specs:
    rake (12.3.3)

PLATFORMS
  arm64-darwin-22

DEPENDENCIES
  bundler (~> 2.4)
  rake (~> 12.0)
  sellsy!

BUNDLED WITH
   2.4.11
